PATH
  remote: /Users/aoyagisaizo/Desktop/hello_gem
  specs:
    hello_gem (0.1.0)

GEM
  remote: https://rubygems.org/
  specs:
    mini_portile2 (2.0.0)
    nokogiri (1.6.7.2)
      mini_portile2 (~> 2.0.0.rc2)
    xpath (2.0.0)
      nokogiri (~> 1.3)

PLATFORMS
  ruby

DEPENDENCIES
  hello_gem!
  xpath

BUNDLED WITH
   1.12.5
